GEM
  remote: http://rubygems.org/
  specs:
    coderay (1.0.7)
    diff-lcs (1.1.3)
    method_source (0.8)
    pry (0.9.10)
      coderay (~> 1.0.5)
      method_source (~> 0.8)
      slop (~> 3.3.1)
    rake (0.9.2.2)
    rspec (2.11.0)
      rspec-core (~> 2.11.0)
      rspec-expectations (~> 2.11.0)
      rspec-mocks (~> 2.11.0)
    rspec-core (2.11.1)
    rspec-expectations (2.11.2)
      diff-lcs (~> 1.1.3)
    rspec-mocks (2.11.1)
    slop (3.3.2)
    vimrunner (0.3.1)

PLATFORMS
  ruby

DEPENDENCIES
  pry
  rake
  rspec
  vimrunner (= 0.3.1)
